PATH
  remote: .
  specs:
    new_user_ssh (0.1.0)
      net-ssh
      thor (~> 0.20.3)

GEM
  remote: https://rubygems.org/
  specs:
    coderay (1.1.2)
    method_source (0.9.2)
    net-ssh (5.2.0)
    pry (0.12.2)
      coderay (~> 1.1.0)
      method_source (~> 0.9.0)
    thor (0.20.3)

PLATFORMS
  ruby

DEPENDENCIES
  new_user_ssh!
  pry (~> 0.12.2)

BUNDLED WITH
   2.0.1
